PATH
  remote: .
  specs:
    duckdb (1.3.1.0)
      bigdecimal (>= 3.1.4)

GEM
  remote: https://rubygems.org/
  specs:
    benchmark-ips (2.14.0)
    bigdecimal (3.2.2)
    mini_portile2 (2.8.9)
    minitest (5.25.5)
    nokogiri (1.18.8)
      mini_portile2 (~> 2.8.2)
      racc (~> 1.4)
    nokogiri (1.18.8-aarch64-linux-gnu)
      racc (~> 1.4)
    nokogiri (1.18.8-arm-linux-gnu)
      racc (~> 1.4)
    nokogiri (1.18.8-arm64-darwin)
      racc (~> 1.4)
    nokogiri (1.18.8-x86_64-darwin)
      racc (~> 1.4)
    nokogiri (1.18.8-x86_64-linux-gnu)
      racc (~> 1.4)
    racc (1.8.1)
    rake (13.3.0)
    rake-compiler (1.3.0)
      rake
    ruby_memcheck (3.0.1)
      nokogiri
    stackprof (0.2.27)

PLATFORMS
  aarch64-linux
  arm-linux
  arm64-darwin
  x86-linux
  x86_64-darwin
  x86_64-linux

DEPENDENCIES
  benchmark-ips
  bundler (~> 2.3)
  duckdb!
  minitest (~> 5.0)
  rake (~> 13.0)
  rake-compiler
  ruby_memcheck
  stackprof

BUNDLED WITH
   2.5.22
