PATH
  remote: .
  specs:
    duckdb (1.1.3.0)
      bigdecimal (>= 3.1.4)

GEM
  remote: https://rubygems.org/
  specs:
    benchmark-ips (2.14.0)
    bigdecimal (3.1.8)
    minitest (5.25.1)
    nokogiri (1.16.7-aarch64-linux)
      racc (~> 1.4)
    nokogiri (1.16.7-arm-linux)
      racc (~> 1.4)
    nokogiri (1.16.7-arm64-darwin)
      racc (~> 1.4)
    nokogiri (1.16.7-x86-linux)
      racc (~> 1.4)
    nokogiri (1.16.7-x86_64-darwin)
      racc (~> 1.4)
    nokogiri (1.16.7-x86_64-linux)
      racc (~> 1.4)
    racc (1.8.1)
    rake (13.2.1)
    rake-compiler (1.2.8)
      rake
    ruby_memcheck (3.0.0)
      nokogiri
    stackprof (0.2.26)

PLATFORMS
  aarch64-linux
  arm-linux
  arm64-darwin
  x86-linux
  x86_64-darwin
  x86_64-linux

DEPENDENCIES
  benchmark-ips
  bundler (~> 2.3)
  duckdb!
  minitest (~> 5.0)
  rake (~> 13.0)
  rake-compiler
  ruby_memcheck
  stackprof

BUNDLED WITH
   2.5.22
